GIT
  remote: https://github.com/nervosnetwork/ckb-sdk-ruby.git
  revision: 8e4fdacd445677ada99230419e8675867cf8873c
  branch: rc/v0.25.0
  specs:
    ckb-sdk-ruby (0.25.0)
      bitcoin-secp256k1 (~> 0.5.2)
      net-http-persistent (~> 3.0.0)
      rbnacl (~> 6.0, >= 6.0.1)

GEM
  remote: https://rubygems.org/
  specs:
    bitcoin-secp256k1 (0.5.2)
      ffi (>= 1.9.25)
    blankslate (3.1.3)
    connection_pool (2.2.2)
    domain_name (0.5.20190701)
      unf (>= 0.0.5, < 1.0.0)
    ffi (1.11.1)
    http-cookie (1.0.3)
      domain_name (~> 0.5)
    jimson (0.11.0)
      blankslate (~> 3.1, >= 3.1.3)
      multi_json (~> 1, >= 1.11.2)
      rack (~> 1, >= 1.4.5)
      rest-client (~> 1, >= 1.7.3)
    mime-types (2.99.3)
    money-tree (0.10.0)
      ffi
    multi_json (1.14.1)
    net-http-persistent (3.0.1)
      connection_pool (~> 2.2)
    netrc (0.11.0)
    rack (1.6.11)
    rbnacl (6.0.1)
      ffi
    rest-client (1.8.0)
      http-cookie (>= 1.0.2, < 2.0)
      mime-types (>= 1.16, < 3.0)
      netrc (~> 0.7)
    sqlite3 (1.4.1)
    unf (0.1.4)
      unf_ext
    unf_ext (0.0.7.6)

PLATFORMS
  ruby

DEPENDENCIES
  ckb-sdk-ruby!
  jimson (~> 0.11.0)
  money-tree
  sqlite3

RUBY VERSION
   ruby 2.6.3p62

BUNDLED WITH
   2.0.2
